PATH
  remote: .
  specs:
    omniauth-dex-energy (0.1.1)
      omniauth-oauth2 (~> 1.8)

GEM
  remote: https://rubygems.org/
  specs:
    ast (2.4.3)
    base64 (0.3.0)
    byebug (12.0.0)
    coderay (1.1.3)
    diff-lcs (1.3)
    faraday (2.5.2)
      faraday-net_http (>= 2.0, < 3.1)
      ruby2_keywords (>= 0.0.4)
    faraday-net_http (3.0.0)
    hashie (5.0.0)
    json (2.13.2)
    jwt (2.5.0)
    language_server-protocol (3.17.0.5)
    lint_roller (1.1.0)
    method_source (1.1.0)
    multi_xml (0.6.0)
    oauth2 (2.0.8)
      faraday (>= 0.17.3, < 3.0)
      jwt (>= 1.0, < 3.0)
      multi_xml (~> 0.5)
      rack (>= 1.2, < 3)
      snaky_hash (~> 2.0)
      version_gem (~> 1.1)
    omniauth (2.1.3)
      hashie (>= 3.4.6)
      rack (>= 2.2.3)
      rack-protection
    omniauth-oauth2 (1.8.0)
      oauth2 (>= 1.4, < 3)
      omniauth (~> 2.0)
    parallel (1.27.0)
    parser (3.3.9.0)
      ast (~> 2.4.1)
      racc
    prism (1.5.1)
    pry (0.15.2)
      coderay (~> 1.1)
      method_source (~> 1.0)
    pry-byebug (3.11.0)
      byebug (~> 12.0)
      pry (>= 0.13, < 0.16)
    racc (1.8.1)
    rack (2.2.8)
    rack-protection (3.2.0)
      base64 (>= 0.1.0)
      rack (~> 2.2, >= 2.2.4)
    rainbow (3.1.1)
    rake (12.3.3)
    regexp_parser (2.11.2)
    rspec (3.9.0)
      rspec-core (~> 3.9.0)
      rspec-expectations (~> 3.9.0)
      rspec-mocks (~> 3.9.0)
    rspec-core (3.9.1)
      rspec-support (~> 3.9.1)
    rspec-expectations (3.9.0)
      diff-lcs (>= 1.2.0, < 2.0)
      rspec-support (~> 3.9.0)
    rspec-mocks (3.9.1)
      diff-lcs (>= 1.2.0, < 2.0)
      rspec-support (~> 3.9.0)
    rspec-support (3.9.2)
    rubocop (1.80.2)
      json (~> 2.3)
      language_server-protocol (~> 3.17.0.2)
      lint_roller (~> 1.1.0)
      parallel (~> 1.10)
      parser (>= 3.3.0.2)
      rainbow (>= 2.2.2, < 4.0)
      regexp_parser (>= 2.9.3, < 3.0)
      rubocop-ast (>= 1.46.0, < 2.0)
      ruby-progressbar (~> 1.7)
      unicode-display_width (>= 2.4.0, < 4.0)
    rubocop-ast (1.46.0)
      parser (>= 3.3.7.2)
      prism (~> 1.4)
    rubocop-rake (0.7.1)
      lint_roller (~> 1.1)
      rubocop (>= 1.72.1)
    rubocop-rspec (3.7.0)
      lint_roller (~> 1.1)
      rubocop (~> 1.72, >= 1.72.1)
    ruby-progressbar (1.13.0)
    ruby2_keywords (0.0.5)
    snaky_hash (2.0.0)
      hashie
      version_gem (~> 1.1)
    unicode-display_width (3.2.0)
      unicode-emoji (~> 4.1)
    unicode-emoji (4.1.0)
    version_gem (1.1.0)

PLATFORMS
  ruby

DEPENDENCIES
  bundler (~> 2.0)
  omniauth (>= 2.1.3)
  omniauth-dex-energy!
  pry-byebug (~> 3.11)
  rack (~> 2.2)
  rake (~> 12.0)
  rspec (~> 3.0)
  rubocop (~> 1.80)
  rubocop-rake (~> 0.7)
  rubocop-rspec (~> 3.7)

BUNDLED WITH
   2.4.19
