GEM
  remote: https://rubygems.org/
  specs:
    faraday (2.5.2)
      faraday-net_http (>= 2.0, < 3.1)
      ruby2_keywords (>= 0.0.4)
    faraday-net_http (3.0.0)
    foreman (0.86.0)
    hashie (5.0.0)
    jwt (2.5.0)
    multi_xml (0.6.0)
    mustermann (1.1.1)
      ruby2_keywords (~> 0.0.1)
    nio4r (2.5.8)
    oauth2 (2.0.7)
      faraday (>= 0.17.3, < 3.0)
      jwt (>= 1.0, < 3.0)
      multi_xml (~> 0.5)
      rack (>= 1.2, < 3)
      rash_alt (>= 0.4, < 1)
      version_gem (~> 1.1)
    omniauth (2.1.0)
      hashie (>= 3.4.6)
      rack (>= 2.2.3)
      rack-protection
    omniauth-dex-energy (0.1.1)
      omniauth-oauth2 (~> 1.6)
    omniauth-oauth2 (1.8.0)
      oauth2 (>= 1.4, < 3)
      omniauth (~> 2.0)
    puma (5.6.4)
      nio4r (~> 2.0)
    rack (2.2.4)
    rack-protection (2.2.0)
      rack
    rash_alt (0.4.12)
      hashie (>= 3.4)
    ruby2_keywords (0.0.5)
    sinatra (2.2.0)
      mustermann (~> 1.0)
      rack (~> 2.2)
      rack-protection (= 2.2.0)
      tilt (~> 2.0)
    slim (4.0.1)
      temple (>= 0.7.6, < 0.9)
      tilt (>= 2.0.6, < 2.1)
    temple (0.8.2)
    tilt (2.0.10)
    version_gem (1.1.0)

PLATFORMS
  ruby

DEPENDENCIES
  foreman
  omniauth-dex-energy
  puma
  sinatra
  slim

BUNDLED WITH
   2.1.4
